GIT
  remote: https://github.com/etehtsea/launchy.git
  revision: af74298c95d6089f2767060c7472163200a422d9
  branch: patch-1
  specs:
    launchy (1.0.0)

GIT
  remote: https://github.com/etehtsea/rack-gridfs.git
  revision: 2a268e18f65fba01e5cacdcbedad085ab28fa52f
  branch: escaped_uri
  specs:
    rack-gridfs (0.4.0)
      mime-types
      mongo (~> 1.2)
      rack

GIT
  remote: https://github.com/guard/guard.git
  revision: 2ff6a2229aabaa63444511cc5f0b0c5e31acd8ef
  specs:
    guard (0.4.2)
      thor (~> 0.14.6)

GIT
  remote: https://github.com/josevalim/inherited_resources.git
  revision: 3ef233a59abb597a861b1bc0da25f329c0154469
  specs:
    inherited_resources (1.2.2)
      has_scope (~> 0.5.0)
      responders (~> 0.6.0)

GIT
  remote: https://github.com/justinfrench/formtastic.git
  revision: 2e8e282d8ff02ddf5bbf1ce8b4ec6ce373e4d9cb
  specs:
    formtastic (2.0.0.rc2)
      rails (~> 3.0)

GIT
  remote: https://github.com/mongoid/mongoid.git
  revision: d86d31a18253b96ef7ca8b8e8a93a5b149051a39
  specs:
    mongoid (2.1.0)
      activemodel (~> 3.0)
      mongo (~> 1.3)
      tzinfo (~> 0.3.22)

GIT
  remote: https://github.com/papercavalier/mongoid-slug.git
  revision: 0baaf5b0c587c47dbeb2e154c14fef94ea008059
  specs:
    mongoid_slug (0.8.0)
      mongoid (~> 2.0)
      stringex (~> 1.2)

GIT
  remote: https://github.com/paulelliott/fabrication.git
  revision: 1a6253795b2416fb89ef0e72c25de060cd696da2
  specs:
    fabrication (1.0.0)

GIT
  remote: https://github.com/plataformatec/show_for.git
  revision: c4c84411accad86dba56dffa2eab9d4ff8095d45
  specs:
    show_for (0.2.4)

GIT
  remote: https://github.com/rails/rails.git
  revision: c5930b406c4ca2c8c947bc2f207cde084bd365a6
  branch: 3-1-stable
  specs:
    actionmailer (3.1.0.rc4)
      actionpack (= 3.1.0.rc4)
      mail (~> 2.3.0)
    actionpack (3.1.0.rc4)
      activemodel (= 3.1.0.rc4)
      activesupport (= 3.1.0.rc4)
      builder (~> 3.0.0)
      erubis (~> 2.7.0)
      i18n (~> 0.6)
      rack (~> 1.3.0)
      rack-cache (~> 1.0.1)
      rack-mount (~> 0.8.1)
      rack-test (~> 0.6.0)
      sprockets (~> 2.0.0.beta.10)
      tzinfo (~> 0.3.27)
    activemodel (3.1.0.rc4)
      activesupport (= 3.1.0.rc4)
      bcrypt-ruby (~> 2.1.4)
      builder (~> 3.0.0)
      i18n (~> 0.6)
    activerecord (3.1.0.rc4)
      activemodel (= 3.1.0.rc4)
      activesupport (= 3.1.0.rc4)
      arel (~> 2.1.1)
      tzinfo (~> 0.3.27)
    activeresource (3.1.0.rc4)
      activemodel (= 3.1.0.rc4)
      activesupport (= 3.1.0.rc4)
    activesupport (3.1.0.rc4)
      multi_json (~> 1.0)
    rails (3.1.0.rc4)
      actionmailer (= 3.1.0.rc4)
      actionpack (= 3.1.0.rc4)
      activerecord (= 3.1.0.rc4)
      activeresource (= 3.1.0.rc4)
      activesupport (= 3.1.0.rc4)
      bundler (~> 1.0)
      railties (= 3.1.0.rc4)
    railties (3.1.0.rc4)
      actionpack (= 3.1.0.rc4)
      activesupport (= 3.1.0.rc4)
      rack-ssl (~> 1.3.2)
      rake (>= 0.8.7)
      rdoc (~> 3.4)
      thor (~> 0.14.6)

GIT
  remote: https://github.com/skyeagle/carrierwave.git
  revision: bdc6788e3a1e4b777613a3fb54e9d3915fe51649
  specs:
    carrierwave (0.5.4)
      activesupport (~> 3.0)

GEM
  remote: http://rubygems.org/
  specs:
    arel (2.1.1)
    bcrypt-ruby (2.1.4)
    bcrypt-ruby (2.1.4-java)
    bencodr (2.0.0)
    bson (1.3.1)
    bson (1.3.1-java)
    bson_ext (1.3.1)
    builder (3.0.0)
    capybara (1.0.0)
      mime-types (>= 1.16)
      nokogiri (>= 1.3.3)
      rack (>= 1.0.0)
      rack-test (>= 0.5.4)
      selenium-webdriver (~> 0.2.0)
      xpath (~> 0.1.4)
    childprocess (0.1.9)
      ffi (~> 1.0.6)
    chronic (0.4.4)
    coffee-script (2.2.0)
      coffee-script-source
      execjs
    coffee-script-source (1.1.1)
    curb (0.7.15)
    daemons (1.1.3)
    database_cleaner (0.6.7)
    delorean (1.0.1)
      chronic
    devise (1.3.4)
      bcrypt-ruby (~> 2.1.2)
      orm_adapter (~> 0.0.3)
      warden (~> 1.0.3)
    diff-lcs (1.1.2)
    erubis (2.7.0)
    eventmachine (0.12.10)
    eventmachine (0.12.10-java)
    execjs (1.1.3)
      multi_json (~> 1.0)
    ffaker (1.8.0)
    ffi (1.0.9)
    ffi (1.0.9-java)
    growl (1.0.3)
    guard-bundler (0.1.3)
      bundler (>= 1.0.0)
      guard (>= 0.2.2)
    guard-rspec (0.4.0)
      guard (>= 0.4.0)
    guard-spork (0.2.0)
      guard (>= 0.2.2)
      spork (>= 0.8.4)
    haml (3.1.2)
    haml-rails (0.3.4)
      actionpack (~> 3.0)
      activesupport (~> 3.0)
      haml (~> 3.0)
      railties (~> 3.0)
    has_scope (0.5.0)
    hike (1.1.0)
    i18n (0.6.0)
    jquery-rails (1.0.11)
      railties (~> 3.0)
      thor (~> 0.14)
    json_pure (1.5.2)
    libv8 (3.3.10.2)
    mail (2.3.0)
      i18n (>= 0.4.0)
      mime-types (~> 1.16)
      treetop (~> 1.4.8)
    mime-types (1.16)
    mongo (1.3.1)
      bson (>= 1.3.1)
    multi_json (1.0.3)
    nokogiri (1.4.5)
    nokogiri (1.4.5-java)
      weakling (>= 0.0.3)
    orm_adapter (0.0.5)
    polyglot (0.3.1)
    rack (1.3.0)
    rack-cache (1.0.2)
      rack (>= 0.4)
    rack-mount (0.8.1)
      rack (>= 1.0.0)
    rack-ssl (1.3.2)
      rack
    rack-test (0.6.0)
      rack (>= 1.0)
    rake (0.9.2)
    rb-fsevent (0.4.0)
    rdoc (3.6.1)
    responders (0.6.4)
    rspec (2.6.0)
      rspec-core (~> 2.6.0)
      rspec-expectations (~> 2.6.0)
      rspec-mocks (~> 2.6.0)
    rspec-core (2.6.4)
    rspec-expectations (2.6.0)
      diff-lcs (~> 1.1.2)
    rspec-mocks (2.6.0)
    rspec-rails (2.6.1)
      actionpack (~> 3.0)
      activesupport (~> 3.0)
      railties (~> 3.0)
      rspec (~> 2.6.0)
    rubyzip (0.9.4)
    sass (3.1.2)
    selenium-webdriver (0.2.1)
      childprocess (>= 0.1.7)
      ffi (>= 1.0.7)
      json_pure
      rubyzip
    spork (0.9.0.rc8)
    sprockets (2.0.0.beta.10)
      hike (~> 1.0)
      rack (~> 1.0)
      tilt (!= 1.3.0, ~> 1.1)
    stringex (1.2.1)
    therubyracer (0.9.0)
      libv8 (~> 3.3.10)
    thin (1.2.11)
      daemons (>= 1.0.9)
      eventmachine (>= 0.12.6)
      rack (>= 1.0.0)
    thor (0.14.6)
    tilt (1.3.2)
    treetop (1.4.9)
      polyglot (>= 0.3.1)
    tzinfo (0.3.28)
    uglifier (0.5.4)
      execjs (>= 0.3.0)
      multi_json (>= 1.0.2)
    warden (1.0.4)
      rack (>= 1.0)
    weakling (0.0.4-java)
    xpath (0.1.4)
      nokogiri (~> 1.3)

PLATFORMS
  java
  ruby

DEPENDENCIES
  bencodr
  bson_ext (~> 1.3)
  capybara
  carrierwave!
  coffee-script
  curb
  database_cleaner
  delorean (~> 1.0)
  devise
  fabrication!
  ffaker
  formtastic!
  growl (~> 1.0.3)
  guard!
  guard-bundler (~> 0.1)
  guard-rspec (~> 0.3)
  guard-spork (~> 0.1)
  haml
  haml-rails
  inherited_resources!
  jquery-rails
  launchy (= 1.0.0)!
  mongoid!
  mongoid_slug!
  rack-gridfs!
  rails!
  rb-fsevent (>= 0.4.0)
  rspec-rails (~> 2.6)
  sass
  show_for!
  spork (~> 0.9.0.rc)
  therubyracer (~> 0.9)
  thin
  uglifier
