GIT
  remote: git://github.com/aslakhellesoy/cucumber-rails.git
  revision: 5fa1bd0b7b1c20eb3f44ae21acc0c1d5fecc5322
  specs:
    cucumber-rails (0.4.0)
      cucumber (>= 0.10.1)
      nokogiri (>= 1.4.4)
      rack-test (>= 0.5.7)

GIT
  remote: git://github.com/cgriego/mongoid.git
  revision: 8fcfe2a7f3e6364a8131861a2f8e65b31977651a
  branch: observers-rails31
  specs:
    mongoid (2.0.0.rc.7)
      activemodel (~> 3.0)
      mongo (~> 1.2)
      tzinfo (~> 0.3.22)
      will_paginate (~> 3.0.pre)

GIT
  remote: git://github.com/etehtsea/formtastic.git
  revision: e4ebcb1f76fe107fefd2c48b38c766cff9d9a115
  specs:
    formtastic (2.0.0.pre)
      rails (~> 3.0)

GIT
  remote: git://github.com/jnicklas/carrierwave.git
  revision: 951bf30e112ab0789f7afce6c5d3b5cbd42f814e
  specs:
    carrierwave (0.5.3)
      activesupport (~> 3.0)

GIT
  remote: git://github.com/josevalim/inherited_resources.git
  revision: 5d988cfcfa632cc9c67fff4cb100594ea683482a
  specs:
    inherited_resources (1.2.1)
      has_scope (~> 0.5.0)
      responders (~> 0.6.0)

GIT
  remote: git://github.com/papercavalier/mongoid-slug.git
  revision: c4bc71ed0fbcd1fddcb162bda722df7c16a8bd99
  specs:
    mongoid_slug (0.6.4)
      mongoid (~> 2.0.0.rc.7)
      stringex (~> 1.2.0)

GIT
  remote: git://github.com/plataformatec/devise.git
  revision: 73669e09c82ddd14b560c7b45df1c95c9ebafe33
  specs:
    devise (1.3.0.dev)
      bcrypt-ruby (~> 2.1.2)
      orm_adapter (~> 0.0.3)
      warden (~> 1.0.3)

GIT
  remote: git://github.com/plataformatec/responders.git
  revision: 35915856d4dae58ed0297a77bfabdb982533b043
  specs:
    responders (0.6.2)

GIT
  remote: git://github.com/rack/rack.git
  revision: 2f92be21302db255f4357e95e9e1ce535b1a6a89
  specs:
    rack (1.2.1)

GIT
  remote: git://github.com/rails/rails.git
  revision: 58becf116580c37c63b89f4a660ebe293f6e7c4e
  specs:
    actionmailer (3.1.0.beta)
      actionpack (= 3.1.0.beta)
      mail (~> 2.2.15)
    actionpack (3.1.0.beta)
      activemodel (= 3.1.0.beta)
      activesupport (= 3.1.0.beta)
      builder (~> 3.0.0)
      erubis (~> 2.6.6)
      i18n (~> 0.5.0)
      rack (~> 1.2.1)
      rack-cache (~> 1.0.0)
      rack-mount (~> 0.7.1)
      rack-test (~> 0.5.7)
      tzinfo (~> 0.3.23)
    activemodel (3.1.0.beta)
      activesupport (= 3.1.0.beta)
      bcrypt-ruby (~> 2.1.4)
      builder (~> 3.0.0)
      i18n (~> 0.5.0)
    activerecord (3.1.0.beta)
      activemodel (= 3.1.0.beta)
      activesupport (= 3.1.0.beta)
      arel (~> 2.0.2)
      tzinfo (~> 0.3.23)
    activeresource (3.1.0.beta)
      activemodel (= 3.1.0.beta)
      activesupport (= 3.1.0.beta)
    activesupport (3.1.0.beta)
    rails (3.1.0.beta)
      actionmailer (= 3.1.0.beta)
      actionpack (= 3.1.0.beta)
      activerecord (= 3.1.0.beta)
      activeresource (= 3.1.0.beta)
      activesupport (= 3.1.0.beta)
      bundler (~> 1.0)
      railties (= 3.1.0.beta)
    railties (3.1.0.beta)
      actionpack (= 3.1.0.beta)
      activesupport (= 3.1.0.beta)
      rack-ssl (~> 1.3.2)
      rake (>= 0.8.7)
      thor (~> 0.14.4)

GIT
  remote: git://github.com/ryanb/cancan.git
  revision: 7bcfd3d295c00d5b8c0193205549d4136959b6b9
  specs:
    cancan (1.6.4)

GIT
  remote: git://github.com/thoughtbot/high_voltage.git
  revision: 422657eae774ead0a11bd3e9ba4db55a43880d95
  specs:
    high_voltage (0.9.3)

GEM
  remote: http://rubygems.org/
  specs:
    abstract (1.0.0)
    arel (2.0.9)
    bcrypt-ruby (2.1.4)
    bencodr (1.2.0)
    bson (1.2.4)
    bson_ext (1.2.4)
    builder (3.0.0)
    capybara (0.4.1.2)
      celerity (>= 0.7.9)
      culerity (>= 0.2.4)
      mime-types (>= 1.16)
      nokogiri (>= 1.3.3)
      rack (>= 1.0.0)
      rack-test (>= 0.5.4)
      selenium-webdriver (>= 0.0.27)
      xpath (~> 0.1.3)
    celerity (0.8.9)
    childprocess (0.1.8)
      ffi (~> 1.0.6)
    compass (0.10.6)
      haml (>= 3.0.4)
    configuration (1.2.0)
    cucumber (0.10.2)
      builder (>= 2.1.2)
      diff-lcs (>= 1.1.2)
      gherkin (>= 2.3.5)
      json (>= 1.4.6)
      term-ansicolor (>= 1.0.5)
    culerity (0.2.15)
    curb (0.7.15)
    database_cleaner (0.6.6)
    diff-lcs (1.1.2)
    erubis (2.6.6)
      abstract (>= 1.0.0)
    fabrication (0.9.5)
    ffi (1.0.7)
      rake (>= 0.8.7)
    gherkin (2.3.5)
      json (>= 1.4.6)
    haml (3.0.25)
    haml-rails (0.3.4)
      actionpack (~> 3.0)
      activesupport (~> 3.0)
      haml (~> 3.0)
      railties (~> 3.0)
    has_scope (0.5.0)
    i18n (0.5.0)
    jquery-rails (0.2.7)
      rails (~> 3.0)
      thor (~> 0.14.4)
    json (1.5.1)
    json_pure (1.5.1)
    launchy (0.4.0)
      configuration (>= 0.0.5)
      rake (>= 0.8.1)
    mail (2.2.15)
      activesupport (>= 2.3.6)
      i18n (>= 0.4.0)
      mime-types (~> 1.16)
      treetop (~> 1.4.8)
    mime-types (1.16)
    mongo (1.2.4)
      bson (>= 1.2.4)
    nokogiri (1.4.4)
    orm_adapter (0.0.4)
    polyglot (0.3.1)
    rack-cache (1.0)
      rack (>= 0.4)
    rack-mount (0.7.1)
      rack (>= 1.0.0)
    rack-ssl (1.3.2)
      rack
    rack-test (0.5.7)
      rack (>= 1.0)
    rake (0.8.7)
    rspec (2.5.0)
      rspec-core (~> 2.5.0)
      rspec-expectations (~> 2.5.0)
      rspec-mocks (~> 2.5.0)
    rspec-core (2.5.1)
    rspec-expectations (2.5.0)
      diff-lcs (~> 1.1.2)
    rspec-mocks (2.5.0)
    rspec-rails (2.5.0)
      actionpack (~> 3.0)
      activesupport (~> 3.0)
      railties (~> 3.0)
      rspec (~> 2.5.0)
    rubb (0.9.4)
    rubyzip (0.9.4)
    selenium-webdriver (0.1.4)
      childprocess (>= 0.1.7)
      ffi (>= 1.0.7)
      json_pure
      rubyzip
    stringex (1.2.1)
    term-ansicolor (1.0.5)
    thor (0.14.6)
    treetop (1.4.9)
      polyglot (>= 0.3.1)
    tzinfo (0.3.25)
    warden (1.0.3)
      rack (>= 1.0.0)
    will_paginate (3.0.pre2)
    xpath (0.1.3)
      nokogiri (~> 1.3)

PLATFORMS
  ruby

DEPENDENCIES
  bencodr
  bson_ext
  cancan!
  capybara
  carrierwave!
  compass
  cucumber-rails!
  curb
  database_cleaner
  devise!
  fabrication
  formtastic!
  haml
  haml-rails
  high_voltage!
  inherited_resources!
  jquery-rails
  launchy
  mongoid!
  mongoid_slug!
  rack!
  rails!
  responders!
  rspec-rails (~> 2.5)
  rubb
