GIT
  remote: git://github.com/etehtsea/formtastic.git
  revision: e4ebcb1f76fe107fefd2c48b38c766cff9d9a115
  specs:
    formtastic (2.0.0.pre)
      rails (~> 3.0)

GIT
  remote: git://github.com/jnicklas/carrierwave.git
  revision: 1f7d121653e57b840fc771418ae6d6f9e601aaec
  specs:
    carrierwave (0.5.3)
      activesupport (~> 3.0)

GIT
  remote: git://github.com/josevalim/inherited_resources.git
  revision: 12571db2d9524d52fe8785c3023221cf1ceb1cae
  specs:
    inherited_resources (1.2.2)
      has_scope (~> 0.5.0)
      responders (~> 0.6.0)

GIT
  remote: git://github.com/mongoid/mongoid.git
  revision: 1357e5962452d04314a869720759945e2497c519
  specs:
    mongoid (2.0.1)
      activemodel (~> 3.0)
      mongo (~> 1.3)
      tzinfo (~> 0.3.22)

GIT
  remote: git://github.com/papercavalier/mongoid-slug.git
  revision: 45e7ab95279948361a047615bb92fd3b2788f8e2
  specs:
    mongoid_slug (0.7.2)
      mongoid (~> 2.0.0)
      stringex (~> 1.2.0)

GIT
  remote: git://github.com/plataformatec/devise.git
  revision: 64cf8a45347137053b6c91bf85a3542c26e94771
  specs:
    devise (1.4.0.dev)
      bcrypt-ruby (~> 2.1.2)
      orm_adapter (~> 0.0.3)
      warden (~> 1.0.3)

GIT
  remote: git://github.com/plataformatec/responders.git
  revision: 35915856d4dae58ed0297a77bfabdb982533b043
  specs:
    responders (0.6.2)

GIT
  remote: git://github.com/rack/rack.git
  revision: 4d93f90b58b09329a227fac975228eeef76f2952
  specs:
    rack (1.2.1)

GIT
  remote: git://github.com/rails/rails.git
  revision: bf40c729c6930ffc711760948701e5edf3edb25b
  specs:
    actionmailer (3.1.0.beta)
      actionpack (= 3.1.0.beta)
      mail (~> 2.2.16)
    actionpack (3.1.0.beta)
      activemodel (= 3.1.0.beta)
      activesupport (= 3.1.0.beta)
      builder (~> 3.0.0)
      erubis (~> 2.7.0)
      i18n (~> 0.5.0)
      rack (~> 1.2.1)
      rack-cache (~> 1.0.0)
      rack-mount (~> 0.7.1)
      rack-test (~> 0.5.7)
      tzinfo (~> 0.3.23)
    activemodel (3.1.0.beta)
      activesupport (= 3.1.0.beta)
      bcrypt-ruby (~> 2.1.4)
      builder (~> 3.0.0)
      i18n (~> 0.5.0)
    activerecord (3.1.0.beta)
      activemodel (= 3.1.0.beta)
      activesupport (= 3.1.0.beta)
      arel (~> 2.0.2)
      tzinfo (~> 0.3.23)
    activeresource (3.1.0.beta)
      activemodel (= 3.1.0.beta)
      activesupport (= 3.1.0.beta)
    activesupport (3.1.0.beta)
      multi_json (~> 1.0.0.rc3)
    rails (3.1.0.beta)
      actionmailer (= 3.1.0.beta)
      actionpack (= 3.1.0.beta)
      activerecord (= 3.1.0.beta)
      activeresource (= 3.1.0.beta)
      activesupport (= 3.1.0.beta)
      bundler (~> 1.0)
      railties (= 3.1.0.beta)
    railties (3.1.0.beta)
      actionpack (= 3.1.0.beta)
      activesupport (= 3.1.0.beta)
      rack-ssl (~> 1.3.2)
      rake (>= 0.8.7)
      thor (~> 0.14.4)

GIT
  remote: git://github.com/ryanb/cancan.git
  revision: b1424dfa493202db3726565022bc09d381d89727
  specs:
    cancan (1.6.4)

GIT
  remote: git://github.com/thoughtbot/high_voltage.git
  revision: d42f21bc9750046ce728e26ed5830837ac7b98e6
  specs:
    high_voltage (0.9.4)

GEM
  remote: http://rubygems.org/
  specs:
    arel (2.0.9)
    bcrypt-ruby (2.1.4)
    bencodr (1.2.0)
    bson (1.3.0)
    bson_ext (1.3.0)
    builder (3.0.0)
    capybara (0.4.1.2)
      celerity (>= 0.7.9)
      culerity (>= 0.2.4)
      mime-types (>= 1.16)
      nokogiri (>= 1.3.3)
      rack (>= 1.0.0)
      rack-test (>= 0.5.4)
      selenium-webdriver (>= 0.0.27)
      xpath (~> 0.1.3)
    celerity (0.8.9)
    childprocess (0.1.8)
      ffi (~> 1.0.6)
    compass (0.10.6)
      haml (>= 3.0.4)
    configuration (1.2.0)
    culerity (0.2.15)
    curb (0.7.15)
    database_cleaner (0.6.7)
    diff-lcs (1.1.2)
    erubis (2.7.0)
    fabrication (0.9.5)
    ffi (1.0.7)
      rake (>= 0.8.7)
    haml (3.0.25)
    haml-rails (0.3.4)
      actionpack (~> 3.0)
      activesupport (~> 3.0)
      haml (~> 3.0)
      railties (~> 3.0)
    has_scope (0.5.0)
    i18n (0.5.0)
    jquery-rails (0.2.7)
      rails (~> 3.0)
      thor (~> 0.14.4)
    json_pure (1.5.1)
    launchy (0.4.0)
      configuration (>= 0.0.5)
      rake (>= 0.8.1)
    mail (2.2.17)
      activesupport (>= 2.3.6)
      i18n (>= 0.4.0)
      mime-types (~> 1.16)
      treetop (~> 1.4.8)
    mime-types (1.16)
    mongo (1.3.0)
      bson (>= 1.3.0)
    multi_json (1.0.0.rc3)
    nokogiri (1.4.4)
    orm_adapter (0.0.4)
    polyglot (0.3.1)
    rack-cache (1.0.1)
      rack (>= 0.4)
    rack-mount (0.7.2)
      rack (>= 1.0.0)
    rack-ssl (1.3.2)
      rack
    rack-test (0.5.7)
      rack (>= 1.0)
    rake (0.8.7)
    rspec (2.5.0)
      rspec-core (~> 2.5.0)
      rspec-expectations (~> 2.5.0)
      rspec-mocks (~> 2.5.0)
    rspec-core (2.5.1)
    rspec-expectations (2.5.0)
      diff-lcs (~> 1.1.2)
    rspec-mocks (2.5.0)
    rspec-rails (2.5.0)
      actionpack (~> 3.0)
      activesupport (~> 3.0)
      railties (~> 3.0)
      rspec (~> 2.5.0)
    rubb (0.9.4)
    rubyzip (0.9.4)
    selenium-webdriver (0.2.0)
      childprocess (>= 0.1.7)
      ffi (>= 1.0.7)
      json_pure
      rubyzip
    stringex (1.2.1)
    thor (0.14.6)
    treetop (1.4.9)
      polyglot (>= 0.3.1)
    tzinfo (0.3.26)
    warden (1.0.3)
      rack (>= 1.0.0)
    xpath (0.1.3)
      nokogiri (~> 1.3)

PLATFORMS
  ruby

DEPENDENCIES
  bencodr
  bson_ext
  cancan!
  capybara
  carrierwave!
  compass
  curb
  database_cleaner
  devise!
  fabrication
  formtastic!
  haml
  haml-rails
  high_voltage!
  inherited_resources!
  jquery-rails
  launchy
  mongoid!
  mongoid_slug!
  rack!
  rails!
  responders!
  rspec-rails (~> 2.5)
  rubb
