GIT
  remote: https://github.com/etehtsea/launchy.git
  revision: af74298c95d6089f2767060c7472163200a422d9
  branch: patch-1
  specs:
    launchy (1.0.0)

GIT
  remote: https://github.com/etehtsea/rack-gridfs.git
  revision: 424f0af69d98aecf4935d79c6b4a5aff294dadfa
  branch: require-fix
  specs:
    rack-gridfs (0.4.1)
      mime-types
      mongo (~> 1.2)
      rack

GIT
  remote: https://github.com/guard/guard.git
  revision: 649920b7f0c88ed1e161826f75eda204d5f3ad83
  specs:
    guard (0.5.0)
      thor (~> 0.14.6)

GIT
  remote: https://github.com/jnicklas/carrierwave.git
  revision: 3850f67ce1b7d25db595c3e2ec28b81ac172467c
  specs:
    carrierwave (0.5.4)
      activesupport (~> 3.0)

GIT
  remote: https://github.com/josevalim/inherited_resources.git
  revision: 7870f027e3b55991b3f9a474dcaa7d9bcfe2b79b
  specs:
    inherited_resources (1.2.2)
      has_scope (~> 0.5.0)
      responders (~> 0.6.0)

GIT
  remote: https://github.com/justinfrench/formtastic.git
  revision: 0b21d5f64b4149e3b0e89a466cf0778b2093909f
  specs:
    formtastic (2.0.0.rc3)
      rails (~> 3.0)

GIT
  remote: https://github.com/mongoid/mongoid.git
  revision: 978ad66bb75e753739214206f3653b5b5bf66ded
  specs:
    mongoid (2.1.0)
      activemodel (~> 3.0)
      mongo (~> 1.3)
      tzinfo (~> 0.3.22)

GIT
  remote: https://github.com/papercavalier/mongoid-slug.git
  revision: 1a8ea8fb4dd4d58916f83808d53fbe1ce78999a0
  specs:
    mongoid_slug (0.8.1)
      mongoid (~> 2.0)
      stringex (~> 1.2)

GIT
  remote: https://github.com/paulelliott/fabrication.git
  revision: f28d76b10fea88773c6f86d3382a074894d3abf2
  specs:
    fabrication (1.0.0)

GIT
  remote: https://github.com/plataformatec/show_for.git
  revision: c4c84411accad86dba56dffa2eab9d4ff8095d45
  specs:
    show_for (0.2.4)

GIT
  remote: https://github.com/rails/rails.git
  revision: 896638238b40816ead5e8536945b3fd3ac0093f3
  branch: 3-1-stable
  specs:
    actionmailer (3.1.0.rc4)
      actionpack (= 3.1.0.rc4)
      mail (~> 2.3.0)
    actionpack (3.1.0.rc4)
      activemodel (= 3.1.0.rc4)
      activesupport (= 3.1.0.rc4)
      builder (~> 3.0.0)
      erubis (~> 2.7.0)
      i18n (~> 0.6)
      rack (~> 1.3.0)
      rack-cache (~> 1.0.2)
      rack-mount (~> 0.8.1)
      rack-test (~> 0.6.0)
      sprockets (= 2.0.0.beta.10)
      tzinfo (~> 0.3.29)
    activemodel (3.1.0.rc4)
      activesupport (= 3.1.0.rc4)
      bcrypt-ruby (~> 2.1.4)
      builder (~> 3.0.0)
      i18n (~> 0.6)
    activerecord (3.1.0.rc4)
      activemodel (= 3.1.0.rc4)
      activesupport (= 3.1.0.rc4)
      arel (~> 2.1.3)
      tzinfo (~> 0.3.29)
    activeresource (3.1.0.rc4)
      activemodel (= 3.1.0.rc4)
      activesupport (= 3.1.0.rc4)
    activesupport (3.1.0.rc4)
      multi_json (~> 1.0)
    rails (3.1.0.rc4)
      actionmailer (= 3.1.0.rc4)
      actionpack (= 3.1.0.rc4)
      activerecord (= 3.1.0.rc4)
      activeresource (= 3.1.0.rc4)
      activesupport (= 3.1.0.rc4)
      bundler (~> 1.0)
      railties (= 3.1.0.rc4)
    railties (3.1.0.rc4)
      actionpack (= 3.1.0.rc4)
      activesupport (= 3.1.0.rc4)
      rack-ssl (~> 1.3.2)
      rake (>= 0.8.7)
      rdoc (~> 3.4)
      thor (~> 0.14.6)

GEM
  remote: http://rubygems.org/
  specs:
    arel (2.1.3)
    bcrypt-ruby (2.1.4)
    bcrypt-ruby (2.1.4-java)
    bencodr (3.0.0)
    bson (1.3.1)
    bson (1.3.1-java)
    bson_ext (1.3.1)
    builder (3.0.0)
    cancan (1.6.5)
    capybara (1.0.0)
      mime-types (>= 1.16)
      nokogiri (>= 1.3.3)
      rack (>= 1.0.0)
      rack-test (>= 0.5.4)
      selenium-webdriver (~> 0.2.0)
      xpath (~> 0.1.4)
    childprocess (0.1.9)
      ffi (~> 1.0.6)
    chronic (0.5.0)
    coffee-script (2.2.0)
      coffee-script-source
      execjs
    coffee-script-source (1.1.1)
    curb (0.7.15)
    daemons (1.1.4)
    database_cleaner (0.6.7)
    delorean (1.1.0)
      chronic
    devise (1.4.2)
      bcrypt-ruby (~> 2.1.2)
      orm_adapter (~> 0.0.3)
      warden (~> 1.0.3)
    diff-lcs (1.1.2)
    erubis (2.7.0)
    eventmachine (0.12.10)
    eventmachine (0.12.10-java)
    execjs (1.2.0)
      multi_json (~> 1.0)
    ffaker (1.8.0)
    ffi (1.0.9)
    ffi (1.0.9-java)
    growl (1.0.3)
    guard-bundler (0.1.3)
      bundler (>= 1.0.0)
      guard (>= 0.2.2)
    guard-rspec (0.4.0)
      guard (>= 0.4.0)
    guard-spork (0.2.0)
      guard (>= 0.2.2)
      spork (>= 0.8.4)
    haml (3.1.2)
    haml-rails (0.3.4)
      actionpack (~> 3.0)
      activesupport (~> 3.0)
      haml (~> 3.0)
      railties (~> 3.0)
    has_scope (0.5.0)
    hike (1.1.0)
    i18n (0.6.0)
    jquery-rails (1.0.12)
      railties (~> 3.0)
      thor (~> 0.14)
    json_pure (1.5.3)
    libv8 (3.3.10.2)
    mail (2.3.0)
      i18n (>= 0.4.0)
      mime-types (~> 1.16)
      treetop (~> 1.4.8)
    mime-types (1.16)
    mongo (1.3.1)
      bson (>= 1.3.1)
    multi_json (1.0.3)
    nokogiri (1.5.0)
    nokogiri (1.5.0-java)
    orm_adapter (0.0.5)
    polyglot (0.3.1)
    rack (1.3.0)
    rack-cache (1.0.2)
      rack (>= 0.4)
    rack-mount (0.8.1)
      rack (>= 1.0.0)
    rack-ssl (1.3.2)
      rack
    rack-test (0.6.0)
      rack (>= 1.0)
    rake (0.9.2)
    rb-fsevent (0.4.0)
    rdoc (3.8)
    responders (0.6.4)
    rspec (2.6.0)
      rspec-core (~> 2.6.0)
      rspec-expectations (~> 2.6.0)
      rspec-mocks (~> 2.6.0)
    rspec-core (2.6.4)
    rspec-expectations (2.6.0)
      diff-lcs (~> 1.1.2)
    rspec-mocks (2.6.0)
    rspec-rails (2.6.1)
      actionpack (~> 3.0)
      activesupport (~> 3.0)
      railties (~> 3.0)
      rspec (~> 2.6.0)
    rubyzip (0.9.4)
    sass (3.1.3)
    sass-rails (3.1.0.rc.3)
      actionpack (~> 3.1.0.rc1)
      railties (~> 3.1.0.rc1)
      sass (>= 3.1.3)
      sprockets (>= 2.0.0.beta.9)
    selenium-webdriver (0.2.2)
      childprocess (>= 0.1.9)
      ffi (>= 1.0.7)
      json_pure
      rubyzip
    spork (0.9.0.rc9)
    sprockets (2.0.0.beta.10)
      hike (~> 1.0)
      rack (~> 1.0)
      tilt (!= 1.3.0, ~> 1.1)
    stringex (1.2.1)
    therubyracer (0.9.2)
      libv8 (~> 3.3.10)
    thin (1.2.11)
      daemons (>= 1.0.9)
      eventmachine (>= 0.12.6)
      rack (>= 1.0.0)
    thor (0.14.6)
    tilt (1.3.2)
    treetop (1.4.9)
      polyglot (>= 0.3.1)
    tzinfo (0.3.29)
    uglifier (1.0.0)
      execjs (>= 0.3.0)
      multi_json (>= 1.0.2)
    warden (1.0.4)
      rack (>= 1.0)
    xpath (0.1.4)
      nokogiri (~> 1.3)

PLATFORMS
  java
  ruby

DEPENDENCIES
  bencodr
  bson_ext (~> 1.3)
  cancan
  capybara
  carrierwave!
  coffee-script
  curb
  database_cleaner
  delorean (~> 1.0)
  devise
  fabrication!
  ffaker
  formtastic!
  growl (~> 1.0.3)
  guard!
  guard-bundler (~> 0.1)
  guard-rspec (~> 0.3)
  guard-spork (~> 0.1)
  haml-rails
  inherited_resources!
  jquery-rails
  launchy (= 1.0.0)!
  mongoid!
  mongoid_slug!
  rack-gridfs!
  rails!
  rb-fsevent (>= 0.4.0)
  rspec-rails (~> 2.6)
  sass-rails (~> 3.1.0.rc)
  show_for!
  spork (~> 0.9.0.rc)
  therubyracer (~> 0.9)
  thin
  uglifier
