GIT
  remote: git://github.com/jnicklas/carrierwave.git
  revision: d2cb99103a4fd3a4927ea616b251809969831fbe
  specs:
    carrierwave (0.5.3)
      activesupport (~> 3.0)

GIT
  remote: git://github.com/josevalim/inherited_resources.git
  revision: 3331df082f7ef69ad6133553f867de2bee1eaa7c
  specs:
    inherited_resources (1.2.2)
      has_scope (~> 0.5.0)
      responders (~> 0.6.0)

GIT
  remote: git://github.com/justinfrench/formtastic.git
  revision: 11f725d13aa7db9f09d467cc48090ab96becf916
  specs:
    formtastic (2.0.0.pre)
      rails (~> 3.0)

GIT
  remote: git://github.com/mongoid/mongoid.git
  revision: 835d3cab417a7a48d652ca89d17dfe0a127bdb5d
  specs:
    mongoid (2.0.1)
      activemodel (~> 3.0)
      mongo (~> 1.3)
      tzinfo (~> 0.3.22)

GIT
  remote: git://github.com/papercavalier/mongoid-slug.git
  revision: b21fce6afb526e576e21fd4d5d690530a92345a9
  specs:
    mongoid_slug (0.7.2)
      mongoid (~> 2.0.0)
      stringex (~> 1.2.0)

GIT
  remote: git://github.com/plataformatec/devise.git
  revision: e763f843c436e0cdc426e7a3dd0ca61656fa3783
  specs:
    devise (1.4.0.dev)
      bcrypt-ruby (~> 2.1.2)
      orm_adapter (~> 0.0.3)
      warden (~> 1.0.3)

GIT
  remote: git://github.com/plataformatec/responders.git
  revision: 35915856d4dae58ed0297a77bfabdb982533b043
  specs:
    responders (0.6.2)

GIT
  remote: git://github.com/ryanb/cancan.git
  revision: ff13a82ddabd2b9e83a6f47a79883ef8dcd0e945
  specs:
    cancan (1.6.4)

GIT
  remote: git://github.com/thoughtbot/high_voltage.git
  revision: d42f21bc9750046ce728e26ed5830837ac7b98e6
  specs:
    high_voltage (0.9.4)

GEM
  remote: http://rubygems.org/
  specs:
    actionmailer (3.1.0.beta1)
      actionpack (= 3.1.0.beta1)
      mail (~> 2.3.0)
    actionpack (3.1.0.beta1)
      activemodel (= 3.1.0.beta1)
      activesupport (= 3.1.0.beta1)
      builder (~> 3.0.0)
      erubis (~> 2.7.0)
      i18n (~> 0.6.0beta1)
      rack (~> 1.3.0.beta)
      rack-cache (~> 1.0.1)
      rack-mount (~> 0.7.2)
      rack-test (~> 0.6.0)
      sprockets (~> 2.0.0.beta.2)
      tzinfo (~> 0.3.27)
    activemodel (3.1.0.beta1)
      activesupport (= 3.1.0.beta1)
      bcrypt-ruby (~> 2.1.4)
      builder (~> 3.0.0)
      i18n (~> 0.6.0beta1)
    activerecord (3.1.0.beta1)
      activemodel (= 3.1.0.beta1)
      activesupport (= 3.1.0.beta1)
      arel (~> 2.1.0)
      tzinfo (~> 0.3.27)
    activeresource (3.1.0.beta1)
      activemodel (= 3.1.0.beta1)
      activesupport (= 3.1.0.beta1)
    activesupport (3.1.0.beta1)
      multi_json (~> 1.0)
    arel (2.1.0)
    bcrypt-ruby (2.1.4)
    bencodr (1.2.0)
    bson (1.3.0)
    bson_ext (1.3.0)
    builder (3.0.0)
    capybara (0.4.1.2)
      celerity (>= 0.7.9)
      culerity (>= 0.2.4)
      mime-types (>= 1.16)
      nokogiri (>= 1.3.3)
      rack (>= 1.0.0)
      rack-test (>= 0.5.4)
      selenium-webdriver (>= 0.0.27)
      xpath (~> 0.1.3)
    celerity (0.8.9)
    childprocess (0.1.8)
      ffi (~> 1.0.6)
    chunky_png (1.1.1)
    compass (0.11.1)
      chunky_png (~> 1.1)
      fssm (>= 0.2.7)
      sass (~> 3.1)
    configuration (1.2.0)
    culerity (0.2.15)
    curb (0.7.15)
    database_cleaner (0.6.7)
    diff-lcs (1.1.2)
    erubis (2.7.0)
    fabrication (0.9.5)
    ffi (1.0.7)
      rake (>= 0.8.7)
    fssm (0.2.7)
    haml (3.1.1)
    haml-rails (0.3.4)
      actionpack (~> 3.0)
      activesupport (~> 3.0)
      haml (~> 3.0)
      railties (~> 3.0)
    has_scope (0.5.0)
    hike (1.0.0)
    i18n (0.6.0beta1)
    jquery-rails (1.0)
      rails (~> 3.0)
      thor (~> 0.14)
    json_pure (1.5.1)
    launchy (0.4.0)
      configuration (>= 0.0.5)
      rake (>= 0.8.1)
    mail (2.3.0)
      i18n (>= 0.4.0)
      mime-types (~> 1.16)
      treetop (~> 1.4.8)
    mime-types (1.16)
    mongo (1.3.0)
      bson (>= 1.3.0)
    multi_json (1.0.1)
    nokogiri (1.4.4)
    orm_adapter (0.0.4)
    polyglot (0.3.1)
    rack (1.3.0.beta)
    rack-cache (1.0.1)
      rack (>= 0.4)
    rack-mount (0.7.2)
      rack (>= 1.0.0)
    rack-ssl (1.3.2)
      rack
    rack-test (0.6.0)
      rack (>= 1.0)
    rails (3.1.0.beta1)
      actionmailer (= 3.1.0.beta1)
      actionpack (= 3.1.0.beta1)
      activerecord (= 3.1.0.beta1)
      activeresource (= 3.1.0.beta1)
      activesupport (= 3.1.0.beta1)
      bundler (~> 1.0)
      railties (= 3.1.0.beta1)
    railties (3.1.0.beta1)
      actionpack (= 3.1.0.beta1)
      activesupport (= 3.1.0.beta1)
      rack-ssl (~> 1.3.2)
      rake (>= 0.8.7)
      thor (~> 0.14.6)
    rake (0.8.7)
    rspec (2.5.0)
      rspec-core (~> 2.5.0)
      rspec-expectations (~> 2.5.0)
      rspec-mocks (~> 2.5.0)
    rspec-core (2.5.1)
    rspec-expectations (2.5.0)
      diff-lcs (~> 1.1.2)
    rspec-mocks (2.5.0)
    rspec-rails (2.5.0)
      actionpack (~> 3.0)
      activesupport (~> 3.0)
      railties (~> 3.0)
      rspec (~> 2.5.0)
    rubb (0.9.4)
    rubyzip (0.9.4)
    sass (3.1.1)
    selenium-webdriver (0.2.0)
      childprocess (>= 0.1.7)
      ffi (>= 1.0.7)
      json_pure
      rubyzip
    sprockets (2.0.0.beta.2)
      hike (~> 1.0)
      rack (~> 1.0)
      tilt (~> 1.0)
    stringex (1.2.1)
    thor (0.14.6)
    tilt (1.3)
    treetop (1.4.9)
      polyglot (>= 0.3.1)
    tzinfo (0.3.27)
    warden (1.0.4)
      rack (>= 1.0)
    xpath (0.1.4)
      nokogiri (~> 1.3)

PLATFORMS
  ruby

DEPENDENCIES
  bencodr
  bson_ext
  cancan!
  capybara
  carrierwave!
  compass
  curb
  database_cleaner
  devise!
  fabrication
  formtastic!
  haml
  haml-rails
  high_voltage!
  inherited_resources!
  jquery-rails
  launchy
  mongoid!
  mongoid_slug!
  rails (~> 3.1.0.beta1)
  responders!
  rspec-rails (~> 2.5)
  rubb
  sass
